GIT
  remote: git://github.com/deivid-rodriguez/byebug.git
  revision: 3c18937c3f81d88aa307c09bd30a59b3cbe9ea85
  specs:
    byebug (5.0.0)

GIT
  remote: git://github.com/valerykalashnikov/ttt.git
  revision: ba8e2039777dd9ffd3213568bf287f29e546859d
  specs:
    ttt (0.0.1)

GEM
  remote: https://rubygems.org/
  specs:
    activesupport (4.2.3)
      i18n (~> 0.7)
      json (~> 1.7, >= 1.7.7)
      minitest (~> 5.1)
      thread_safe (~> 0.3, >= 0.3.4)
      tzinfo (~> 1.1)
    backports (3.3.3)
    eventmachine (1.0.3)
    i18n (0.7.0)
    json (1.8.3)
    minitest (5.7.0)
    oj (2.12.10)
    rabl (0.11.6)
      activesupport (>= 2.3.14)
    rack (1.6.4)
    rack-protection (1.5.3)
      rack
    rack-test (0.6.3)
      rack (>= 1.0)
    sinatra (1.4.6)
      rack (~> 1.4)
      rack-protection (~> 1.4)
      tilt (>= 1.3, < 3)
    sinatra-contrib (1.4.0)
      backports (>= 2.0)
      eventmachine
      rack-protection
      rack-test
      sinatra (~> 1.4.2)
      tilt (~> 1.3)
    thread_safe (0.3.5)
    tilt (1.4.1)
    tzinfo (1.2.2)
      thread_safe (~> 0.1)

PLATFORMS
  ruby

DEPENDENCIES
  byebug!
  oj
  rabl
  sinatra
  sinatra-contrib
  ttt!
